GEM
  remote: https://rubygems.org/
  specs:
    mustermann (1.0.1)
    newrelic_rpm (4.7.1.340)
    rack (2.0.3)
    rack-protection (2.0.0)
      rack
    sinatra (2.0.0)
      mustermann (~> 1.0)
      rack (~> 2.0)
      rack-protection (= 2.0.0)
      tilt (~> 2.0)
    tilt (2.0.8)

PLATFORMS
  ruby

DEPENDENCIES
  newrelic_rpm
  sinatra

RUBY VERSION
   ruby 2.4.0p0

BUNDLED WITH
   1.16.1
